GEM
  remote: https://rubygems.org/
  specs:
    adsf (1.1.1)
      rack (>= 1.0.0)
    execjs (1.4.0)
      multi_json (~> 1.0)
    jshintrb (0.1.1)
      execjs
      multi_json
      rake
    multi_json (1.3.6)
    rack (1.5.2)
    rake (0.9.2.2)

PLATFORMS
  ruby

DEPENDENCIES
  adsf
  jshintrb
  rake
